GEM
  remote: http://rubygems.org/
  specs:
    activesupport (3.0.0.rc2)
    nokogiri (1.4.3.1)
    rack (1.2.1)
    rack-test (0.5.4)
      rack (>= 1.0)
    rspec (1.3.0)
    sanitize (1.2.0)
      nokogiri (~> 1.4.1)
    sinatra (1.0)
      rack (>= 1.0)

PLATFORMS
  ruby

DEPENDENCIES
  activesupport (~> 3.0.0.rc2)
  rack-test (~> 0.5.4)
  rspec (~> 1.3.0)
  sanitize (~> 1.2.0)
  sinatra (~> 1.0)
